RESTRICTION: == net8.0
NUGET
  remote: https://api.nuget.org/v3/index.json
    Autofac (8.1)
      System.Diagnostics.DiagnosticSource (>= 8.0.1)
    JetBrains.Annotations (2024.2)
    System.Diagnostics.DiagnosticSource (8.0.1)
    System.Reactive (6.0.1)
    System.Reactive.Linq (6.0.1)
      System.Reactive (>= 6.0.1)
      System.Threading.Tasks.Extensions (>= 4.5.4)
    System.Threading.Tasks.Extensions (4.5.4)
    YamlDotNet (16.1)
